PATH
  remote: .
  specs:
    rspec-match_table (0.1.1)
      pp_sort_hash
      rspec (~> 3)

GEM
  remote: https://rubygems.org/
  specs:
    diff-lcs (1.3)
    pp_sort_hash (0.1.0)
    rake (13.0.3)
    rspec (3.7.0)
      rspec-core (~> 3.7.0)
      rspec-expectations (~> 3.7.0)
      rspec-mocks (~> 3.7.0)
    rspec-core (3.7.0)
      rspec-support (~> 3.7.0)
    rspec-expectations (3.7.0)
      diff-lcs (>= 1.2.0, < 2.0)
      rspec-support (~> 3.7.0)
    rspec-mocks (3.7.0)
      diff-lcs (>= 1.2.0, < 2.0)
      rspec-support (~> 3.7.0)
    rspec-support (3.7.0)

PLATFORMS
  ruby

DEPENDENCIES
  bundler (~> 1.16)
  rake (>= 12.3.3)
  rspec-match_table!

BUNDLED WITH
   1.17.3
